GEM
  remote: https://rubygems.org/
  specs:
    minitest (5.9.1)
    rake (13.2.1)

PLATFORMS
  ruby

DEPENDENCIES
  minitest
  rake (~> 13.2)

BUNDLED WITH
   2.3.26
